GEM
  remote: http://rubygems.org/
  specs:
    activesupport (3.2.6)
      i18n (~> 0.6)
      multi_json (~> 1.0)
    i18n (0.6.0)
    multi_json (1.3.6)
    redis (3.0.1)

PLATFORMS
  ruby

DEPENDENCIES
  activesupport
  redis
